PATH
  remote: .
  specs:
    rmcp (0.0.0)
      bindata

GEM
  remote: https://rubygems.org/
  specs:
    bindata (1.4.5)
    diff-lcs (1.1.3)
    eventmachine (1.0.3)
    rake (10.0.4)
    rspec (2.11.0)
      rspec-core (~> 2.11.0)
      rspec-expectations (~> 2.11.0)
      rspec-mocks (~> 2.11.0)
    rspec-core (2.11.1)
    rspec-expectations (2.11.3)
      diff-lcs (~> 1.1.3)
    rspec-mocks (2.11.3)

PLATFORMS
  ruby

DEPENDENCIES
  bundler
  eventmachine
  rake
  rmcp!
  rspec
